PATH
  remote: /Users/polar/src/busme-iphone-rubylib
  specs:
    busme-iphone-rubylib (0.0.1)
      httpclient (~> 2.1)
      pqueue (~> 2.0)

GEM
  remote: https://rubygems.org/
  specs:
    ProMotion (2.0.1)
      methadone (~> 1.4)
    ProMotion-map (0.4.2)
      ProMotion (~> 2.0)
    ProMotion-menu (1.0.0.beta2)
      ProMotion (~> 2)
      motion-cocoapods
    activesupport (3.2.20)
      i18n (~> 0.6, >= 0.6.4)
      multi_json (~> 1.0)
    afmotion (2.4.1)
      motion-cocoapods (>= 1.4.1)
      motion-require (>= 0.1)
    bubble-wrap (1.7.1)
      bubble-wrap-http (= 1.7.1)
    bubble-wrap-http (1.7.1)
    claide (0.7.0)
    cocoapods (0.34.4)
      activesupport (>= 3.2.15, < 4)
      claide (~> 0.7.0)
      cocoapods-core (= 0.34.4)
      cocoapods-downloader (~> 0.7.2)
      cocoapods-plugins (~> 0.3.1)
      cocoapods-trunk (~> 0.3.1)
      cocoapods-try (~> 0.4.1)
      colored (~> 1.2)
      escape (~> 0.0.4)
      json_pure (~> 1.8)
      nap (~> 0.8)
      open4 (~> 1.3)
      xcodeproj (~> 0.19.4)
    cocoapods-core (0.34.4)
      activesupport (>= 3.2.15)
      fuzzy_match (~> 2.0.4)
      json_pure (~> 1.8)
      nap (~> 0.8.0)
    cocoapods-downloader (0.7.2)
    cocoapods-plugins (0.3.2)
      nap
    cocoapods-trunk (0.3.1)
      json_pure (~> 1.8)
      nap (>= 0.8)
      netrc (= 0.7.8)
    cocoapods-try (0.4.2)
    colored (1.2)
    escape (0.0.4)
    fuzzy_match (2.0.4)
    httpclient (2.5.3.2)
    i18n (0.6.11)
    json_pure (1.8.1)
    methadone (1.8.0)
      bundler
    motion-cocoapods (1.7.0)
      cocoapods (>= 0.34)
    motion-fileutils (0.1.1)
    motion-layout (0.0.2)
    motion-require (0.2.0)
    multi_json (1.10.1)
    nap (0.8.0)
    netrc (0.7.8)
    open4 (1.3.4)
    pqueue (2.0.2)
    rake (10.3.2)
    sugarcube (2.11.1)
    xcodeproj (0.19.4)
      activesupport (~> 3.0)
      colored (~> 1.2)

PLATFORMS
  ruby

DEPENDENCIES
  ProMotion
  ProMotion-map
  ProMotion-menu
  afmotion
  bubble-wrap
  busme-iphone-rubylib!
  motion-fileutils
  motion-layout
  rake
  sugarcube
